GEM
  remote: http://rubygems.org/
  specs:
    coderay (1.0.4)
    diff-lcs (1.1.3)
    erubis (2.7.0)
    grit (2.4.1)
      diff-lcs (~> 1.1)
      mime-types (~> 1.15)
    mime-types (1.17.2)
    rack (1.3.5)
    rack-protection (1.1.4)
      rack
    redcarpet (1.17.2)
    shotgun (0.9)
      rack (>= 1.0)
    sinatra (1.3.1)
      rack (~> 1.3, >= 1.3.4)
      rack-protection (~> 1.1, >= 1.1.2)
      tilt (~> 1.3, >= 1.3.3)
    tilt (1.3.3)
    time-lord (0.1.5)

PLATFORMS
  ruby

DEPENDENCIES
  coderay
  erubis
  grit
  redcarpet
  shotgun
  sinatra
  time-lord
